GEM
  remote: https://rubygems.org/
  specs:
    gosu (0.10.2)
    gosu_enhanced (0.4.2)
      gosu (~> 0.10)

PLATFORMS
  ruby

DEPENDENCIES
  gosu_enhanced (~> 0.4.1)

BUNDLED WITH
   1.10.6
